GEM
  remote: http://rubygems.org/
  specs:
    addressable (2.5.2)
      public_suffix (>= 2.0.2, < 4.0)
    aws-sdk (2.10.42)
      aws-sdk-resources (= 2.10.42)
    aws-sdk-core (2.10.42)
      aws-sigv4 (~> 1.0)
      jmespath (~> 1.0)
    aws-sdk-resources (2.10.42)
      aws-sdk-core (= 2.10.42)
    aws-sigv4 (1.0.2)
    colorator (1.1.0)
    colored (1.2)
    configure-s3-website (1.7.5)
      aws-sdk (~> 2)
      deep_merge (~> 1.0.0)
    deep_merge (1.0.1)
    dotenv (1.0.2)
    ffi (1.9.18)
    forwardable-extended (2.6.0)
    jekyll (3.6.0)
      addressable (~> 2.4)
      colorator (~> 1.0)
      jekyll-sass-converter (~> 1.0)
      jekyll-watch (~> 1.1)
      kramdown (~> 1.14)
      liquid (~> 4.0)
      mercenary (~> 0.3.3)
      pathutil (~> 0.9)
      rouge (>= 1.7, < 3)
      safe_yaml (~> 1.0)
    jekyll-sass-converter (1.5.0)
      sass (~> 3.4)
    jekyll-watch (1.5.0)
      listen (~> 3.0, < 3.1)
    jmespath (1.3.1)
    kramdown (1.15.0)
    liquid (4.0.0)
    listen (3.0.6)
      rb-fsevent (>= 0.9.3)
      rb-inotify (>= 0.9.7)
    mercenary (0.3.6)
    pathutil (0.14.0)
      forwardable-extended (~> 2.6)
    public_suffix (2.0.5)
    rake (12.3.2)
    rb-fsevent (0.10.2)
    rb-inotify (0.9.10)
      ffi (>= 0.5.0, < 2)
    rouge (1.11.1)
    s3_website (2.16.0)
      colored (= 1.2)
      configure-s3-website (= 1.7.5)
      dotenv (~> 1.0)
      thor (~> 0.18)
    safe_yaml (1.0.4)
    sass (3.5.1)
      sass-listen (~> 4.0.0)
    sass-listen (4.0.0)
      rb-fsevent (~> 0.9, >= 0.9.4)
      rb-inotify (~> 0.9, >= 0.9.7)
    thor (0.20.0)

PLATFORMS
  ruby

DEPENDENCIES
  jekyll
  rake
  s3_website

BUNDLED WITH
   2.0.1
